NUGET
  remote: https://www.nuget.org/api/v2
    FAKE (4.64.4)

GROUP android
FRAMEWORK: MONOANDROID
NUGET
  remote: https://www.nuget.org/api/v2
    FSharp.Core (4.1.17)
    SkiaSharp (1.59.3)
    SkiaSharp.Views (1.59.3)
      SkiaSharp (>= 1.59.3)
    Xamarin.Android.FSharp.ResourceProvider (1.0.0.18)

GROUP core
FRAMEWORK: NETCORE20, NETSTANDARD20
NUGET
  remote: https://www.nuget.org/api/v2
    FSharp.Core (4.3) - framework: netstandard20, netcore20

GROUP ios
FRAMEWORK: XAMARINIOS
NUGET
  remote: https://www.nuget.org/api/v2
    FSharp.Core (4.1.17)
    SkiaSharp (1.59.3)
    SkiaSharp.Views (1.59.3)
      SkiaSharp (>= 1.59.3)
