FRAMEWORK: NETCORE11, NETSTANDARD16
NUGET
  remote: https://www.nuget.org/api/v2
    Fable.Core (1.0.0-narumi-912) - framework: netstandard16, netcore11
      FSharp.Core (>= 4.1.2) - framework: >= net463, netstandard16
      NETStandard.Library (>= 1.6.1) - framework: >= net463, netstandard16
    FAKE (4.61.1) - framework: netstandard16, netcore11
    FSharp.Compiler.Tools (4.1.17) - framework: netstandard16
    FSharp.Core (4.1.17) - framework: netstandard16, netcore11
      System.Collections (>= 4.0.11) - framework: netstandard16
      System.Console (>= 4.0) - framework: netstandard16
      System.Diagnostics.Debug (>= 4.0.11) - framework: netstandard16
      System.Diagnostics.Tools (>= 4.0.1) - framework: netstandard16
      System.Globalization (>= 4.0.11) - framework: netstandard16
      System.IO (>= 4.1) - framework: netstandard16
      System.Linq (>= 4.1) - framework: netstandard16
      System.Linq.Expressions (>= 4.1) - framework: netstandard16
      System.Linq.Queryable (>= 4.0.1) - framework: netstandard16
      System.Net.Requests (>= 4.0.11) - framework: netstandard16
      System.Reflection (>= 4.1) - framework: netstandard16
      System.Reflection.Extensions (>= 4.0.1) - framework: netstandard16
      System.Resources.ResourceManager (>= 4.0.1) - framework: netstandard16
      System.Runtime (>= 4.1) - framework: netstandard16
      System.Runtime.Extensions (>= 4.1) - framework: netstandard16
      System.Runtime.Numerics (>= 4.0.1) - framework: netstandard16
      System.Text.RegularExpressions (>= 4.1) - framework: netstandard16
      System.Threading (>= 4.0.11) - framework: netstandard16
      System.Threading.Tasks (>= 4.0.11) - framework: netstandard16
      System.Threading.Tasks.Parallel (>= 4.0.1) - framework: netstandard16
      System.Threading.Thread (>= 4.0) - framework: netstandard16
      System.Threading.ThreadPool (>= 4.0.10) - framework: netstandard16
      System.Threading.Timer (>= 4.0.1) - framework: netstandard16
    FSharp.NET.Sdk (1.0.4) - framework: netstandard16, netcore11
      FSharp.Compiler.Tools (>= 4.1.15) - framework: >= net40, netstandard16
    Microsoft.NETCore.Platforms (1.1) - framework: netstandard16, netcore11
    Microsoft.NETCore.Targets (1.1) - framework: netstandard16, netcore11
    Microsoft.Win32.Primitives (4.3) - framework: netstandard16
      Microsoft.NETCore.Platforms (>= 1.1) - framework: netstandard16
      Microsoft.NETCore.Targets (>= 1.1) - framework: netstandard16
      System.Runtime (>= 4.3) - framework: netstandard16
    NETStandard.Library (1.6.1) - framework: netstandard16
      Microsoft.NETCore.Platforms (>= 1.1) - framework: netstandard16
      Microsoft.Win32.Primitives (>= 4.3) - framework: >= net46, netstandard16
      System.AppContext (>= 4.3) - framework: >= net46, netstandard16
      System.Collections (>= 4.3) - framework: netstandard16
      System.Collections.Concurrent (>= 4.3) - framework: >= net45, netstandard16
      System.Console (>= 4.3) - framework: >= net46, netstandard16
      System.Diagnostics.Debug (>= 4.3) - framework: netstandard16
      System.Diagnostics.Tools (>= 4.3) - framework: netstandard16
      System.Diagnostics.Tracing (>= 4.3) - framework: >= net45, netstandard16
      System.Globalization (>= 4.3) - framework: netstandard16
      System.Globalization.Calendars (>= 4.3) - framework: >= net46, netstandard16
      System.IO (>= 4.3) - framework: netstandard16
      System.IO.Compression (>= 4.3) - framework: >= net45, netstandard16
      System.IO.Compression.ZipFile (>= 4.3) - framework: >= net46, netstandard16
      System.IO.FileSystem (>= 4.3) - framework: >= net46, netstandard16
      System.IO.FileSystem.Primitives (>= 4.3) - framework: >= net46, netstandard16
      System.Linq (>= 4.3) - framework: netstandard16
      System.Linq.Expressions (>= 4.3) - framework: netstandard16
      System.Net.Http (>= 4.3) - framework: >= net45, netstandard16
      System.Net.Primitives (>= 4.3) - framework: netstandard16
      System.Net.Sockets (>= 4.3) - framework: >= net46, netstandard16
      System.ObjectModel (>= 4.3) - framework: netstandard16
      System.Reflection (>= 4.3) - framework: netstandard16
      System.Reflection.Extensions (>= 4.3) - framework: netstandard16
      System.Reflection.Primitives (>= 4.3) - framework: netstandard16
      System.Resources.ResourceManager (>= 4.3) - framework: netstandard16
      System.Runtime (>= 4.3) - framework: netstandard16
      System.Runtime.Extensions (>= 4.3) - framework: netstandard16
      System.Runtime.Handles (>= 4.3) - framework: >= net46, netstandard16
      System.Runtime.InteropServices (>= 4.3) - framework: >= net45, netstandard16
      System.Runtime.InteropServices.RuntimeInformation (>= 4.3) - framework: >= net45, netstandard16
      System.Runtime.Numerics (>= 4.3) - framework: >= net45, netstandard16
      System.Security.Cryptography.Algorithms (>= 4.3) - framework: >= net46, netstandard16
      System.Security.Cryptography.Encoding (>= 4.3) - framework: >= net46, netstandard16
      System.Security.Cryptography.Primitives (>= 4.3) - framework: >= net46, netstandard16
      System.Security.Cryptography.X509Certificates (>= 4.3) - framework: >= net46, netstandard16
      System.Text.Encoding (>= 4.3) - framework: netstandard16
      System.Text.Encoding.Extensions (>= 4.3) - framework: netstandard16
      System.Text.RegularExpressions (>= 4.3) - framework: netstandard16
      System.Threading (>= 4.3) - framework: netstandard16
      System.Threading.Tasks (>= 4.3) - framework: netstandard16
      System.Threading.Timer (>= 4.3) - framework: >= net451, netstandard16
      System.Xml.ReaderWriter (>= 4.3) - framework: netstandard16
      System.Xml.XDocument (>= 4.3) - framework: netstandard16
    runtime.debian.8-x64.runtime.native.System.Security.Cryptography.OpenSsl (4.3) - framework: netstandard16, netcore11
    runtime.fedora.23-x64.runtime.native.System.Security.Cryptography.OpenSsl (4.3) - framework: netstandard16, netcore11
    runtime.fedora.24-x64.runtime.native.System.Security.Cryptography.OpenSsl (4.3) - framework: netstandard16, netcore11
    runtime.native.System (4.3) - framework: netstandard16, netcore11
      Microsoft.NETCore.Platforms (>= 1.1) - framework: netstandard16, netcore11
      Microsoft.NETCore.Targets (>= 1.1) - framework: netstandard16, netcore11
    runtime.native.System.IO.Compression (4.3) - framework: netstandard16
      Microsoft.NETCore.Platforms (>= 1.1) - framework: netstandard16, netcore11
      Microsoft.NETCore.Targets (>= 1.1) - framework: netstandard16, netcore11
    runtime.native.System.Net.Http (4.3) - framework: netstandard16, netcore11
      Microsoft.NETCore.Platforms (>= 1.1) - framework: netstandard16, netcore11
      Microsoft.NETCore.Targets (>= 1.1) - framework: netstandard16, netcore11
    runtime.native.System.Security.Cryptography.Apple (4.3) - framework: netstandard16
      runtime.osx.10.10-x64.runtime.native.System.Security.Cryptography.Apple (>= 4.3) - framework: netstandard16, netcore11
    runtime.native.System.Security.Cryptography.OpenSsl (4.3) - framework: netstandard16, netcore11
      runtime.debian.8-x64.runtime.native.System.Security.Cryptography.OpenSsl (>= 4.3) - framework: netstandard16, netcore11
      runtime.fedora.23-x64.runtime.native.System.Security.Cryptography.OpenSsl (>= 4.3) - framework: netstandard16, netcore11
      runtime.fedora.24-x64.runtime.native.System.Security.Cryptography.OpenSsl (>= 4.3) - framework: netstandard16, netcore11
      runtime.opensuse.13.2-x64.runtime.native.System.Security.Cryptography.OpenSsl (>= 4.3) - framework: netstandard16, netcore11
      runtime.opensuse.42.1-x64.runtime.native.System.Security.Cryptography.OpenSsl (>= 4.3) - framework: netstandard16, netcore11
      runtime.osx.10.10-x64.runtime.native.System.Security.Cryptography.OpenSsl (>= 4.3) - framework: netstandard16, netcore11
      runtime.rhel.7-x64.runtime.native.System.Security.Cryptography.OpenSsl (>= 4.3) - framework: netstandard16, netcore11
      runtime.ubuntu.14.04-x64.runtime.native.System.Security.Cryptography.OpenSsl (>= 4.3) - framework: netstandard16, netcore11
      runtime.ubuntu.16.04-x64.runtime.native.System.Security.Cryptography.OpenSsl (>= 4.3) - framework: netstandard16, netcore11
      runtime.ubuntu.16.10-x64.runtime.native.System.Security.Cryptography.OpenSsl (>= 4.3) - framework: netstandard16, netcore11
    runtime.opensuse.13.2-x64.runtime.native.System.Security.Cryptography.OpenSsl (4.3) - framework: netstandard16, netcore11
    runtime.opensuse.42.1-x64.runtime.native.System.Security.Cryptography.OpenSsl (4.3) - framework: netstandard16, netcore11
    runtime.osx.10.10-x64.runtime.native.System.Security.Cryptography.Apple (4.3) - framework: netstandard16
    runtime.osx.10.10-x64.runtime.native.System.Security.Cryptography.OpenSsl (4.3) - framework: netstandard16, netcore11
    runtime.rhel.7-x64.runtime.native.System.Security.Cryptography.OpenSsl (4.3) - framework: netstandard16, netcore11
    runtime.ubuntu.14.04-x64.runtime.native.System.Security.Cryptography.OpenSsl (4.3) - framework: netstandard16, netcore11
    runtime.ubuntu.16.04-x64.runtime.native.System.Security.Cryptography.OpenSsl (4.3) - framework: netstandard16, netcore11
    runtime.ubuntu.16.10-x64.runtime.native.System.Security.Cryptography.OpenSsl (4.3) - framework: netstandard16, netcore11
    System.AppContext (4.3) - framework: netstandard16
      System.Runtime (>= 4.3) - framework: netstandard16
    System.Buffers (4.3) - framework: netstandard16, netcore11
      System.Diagnostics.Debug (>= 4.3) - framework: netstandard16
      System.Diagnostics.Tracing (>= 4.3) - framework: netstandard16
      System.Resources.ResourceManager (>= 4.3) - framework: netstandard16
      System.Runtime (>= 4.3) - framework: netstandard16
      System.Threading (>= 4.3) - framework: netstandard16
    System.Collections (4.3) - framework: netstandard16, netcore11
      Microsoft.NETCore.Platforms (>= 1.1) - framework: netstandard16
      Microsoft.NETCore.Targets (>= 1.1) - framework: netstandard16
      System.Runtime (>= 4.3) - framework: netstandard16
    System.Collections.Concurrent (4.3) - framework: netstandard16, netcore11
      System.Collections (>= 4.3) - framework: netstandard16
      System.Diagnostics.Debug (>= 4.3) - framework: netstandard16
      System.Diagnostics.Tracing (>= 4.3) - framework: netstandard16
      System.Globalization (>= 4.3) - framework: netstandard16
      System.Reflection (>= 4.3) - framework: netstandard16
      System.Resources.ResourceManager (>= 4.3) - framework: netstandard16
      System.Runtime (>= 4.3) - framework: netstandard16
      System.Runtime.Extensions (>= 4.3) - framework: netstandard16
      System.Threading (>= 4.3) - framework: netstandard16
      System.Threading.Tasks (>= 4.3) - framework: netstandard16
    System.Console (4.3) - framework: netstandard16, netcore11
      Microsoft.NETCore.Platforms (>= 1.1) - framework: netstandard16
      Microsoft.NETCore.Targets (>= 1.1) - framework: netstandard16
      System.IO (>= 4.3) - framework: netstandard16
      System.Runtime (>= 4.3) - framework: netstandard16
      System.Text.Encoding (>= 4.3) - framework: netstandard16
    System.Diagnostics.Debug (4.3) - framework: netstandard16, netcore11
      Microsoft.NETCore.Platforms (>= 1.1) - framework: netstandard16
      Microsoft.NETCore.Targets (>= 1.1) - framework: netstandard16
      System.Runtime (>= 4.3) - framework: netstandard16
    System.Diagnostics.DiagnosticSource (4.3) - framework: netstandard16
      System.Collections (>= 4.3) - framework: netstandard16
      System.Diagnostics.Tracing (>= 4.3) - framework: netstandard16
      System.Reflection (>= 4.3) - framework: netstandard16
      System.Runtime (>= 4.3) - framework: netstandard16
      System.Threading (>= 4.3) - framework: netstandard16
    System.Diagnostics.Tools (4.3) - framework: netstandard16, netcore11
      Microsoft.NETCore.Platforms (>= 1.1) - framework: netstandard16
      Microsoft.NETCore.Targets (>= 1.1) - framework: netstandard16
      System.Runtime (>= 4.3) - framework: netstandard16
    System.Diagnostics.Tracing (4.3) - framework: netstandard16, netcore11
      Microsoft.NETCore.Platforms (>= 1.1) - framework: netstandard16
      Microsoft.NETCore.Targets (>= 1.1) - framework: netstandard16
      System.Runtime (>= 4.3) - framework: netstandard16
    System.Globalization (4.3) - framework: netstandard16, netcore11
      Microsoft.NETCore.Platforms (>= 1.1) - framework: netstandard16
      Microsoft.NETCore.Targets (>= 1.1) - framework: netstandard16
      System.Runtime (>= 4.3) - framework: netstandard16
    System.Globalization.Calendars (4.3) - framework: netstandard16
      Microsoft.NETCore.Platforms (>= 1.1) - framework: netstandard16
      Microsoft.NETCore.Targets (>= 1.1) - framework: netstandard16
      System.Globalization (>= 4.3) - framework: netstandard16
      System.Runtime (>= 4.3) - framework: netstandard16
    System.Globalization.Extensions (4.3) - framework: netstandard16
      Microsoft.NETCore.Platforms (>= 1.1) - framework: netstandard16
      System.Globalization (>= 4.3) - framework: netstandard16
      System.Resources.ResourceManager (>= 4.3) - framework: netstandard16
      System.Runtime (>= 4.3) - framework: netstandard16
      System.Runtime.Extensions (>= 4.3) - framework: netstandard16
      System.Runtime.InteropServices (>= 4.3) - framework: netstandard16
    System.IO (4.3) - framework: netstandard16, netcore11
      Microsoft.NETCore.Platforms (>= 1.1) - framework: netstandard16
      Microsoft.NETCore.Targets (>= 1.1) - framework: netstandard16
      System.Runtime (>= 4.3) - framework: netstandard16
      System.Text.Encoding (>= 4.3) - framework: netstandard16
      System.Threading.Tasks (>= 4.3) - framework: netstandard16
    System.IO.Compression (4.3) - framework: netstandard16
      Microsoft.NETCore.Platforms (>= 1.1) - framework: netstandard16
      runtime.native.System (>= 4.3) - framework: netstandard16
      runtime.native.System.IO.Compression (>= 4.3) - framework: netstandard16
      System.Buffers (>= 4.3) - framework: netstandard16
      System.Collections (>= 4.3) - framework: netstandard16
      System.Diagnostics.Debug (>= 4.3) - framework: netstandard16
      System.IO (>= 4.3) - framework: netstandard16
      System.Resources.ResourceManager (>= 4.3) - framework: netstandard16
      System.Runtime (>= 4.3) - framework: netstandard16
      System.Runtime.Extensions (>= 4.3) - framework: netstandard16
      System.Runtime.Handles (>= 4.3) - framework: netstandard16
      System.Runtime.InteropServices (>= 4.3) - framework: netstandard16
      System.Text.Encoding (>= 4.3) - framework: netstandard16
      System.Threading (>= 4.3) - framework: netstandard16
      System.Threading.Tasks (>= 4.3) - framework: netstandard16
    System.IO.Compression.ZipFile (4.3) - framework: netstandard16
      System.Buffers (>= 4.3) - framework: netstandard16
      System.IO (>= 4.3) - framework: netstandard16
      System.IO.Compression (>= 4.3) - framework: netstandard16
      System.IO.FileSystem (>= 4.3) - framework: netstandard16
      System.IO.FileSystem.Primitives (>= 4.3) - framework: netstandard16
      System.Resources.ResourceManager (>= 4.3) - framework: netstandard16
      System.Runtime (>= 4.3) - framework: netstandard16
      System.Runtime.Extensions (>= 4.3) - framework: netstandard16
      System.Text.Encoding (>= 4.3) - framework: netstandard16
    System.IO.FileSystem (4.3) - framework: netstandard16, netcore11
      Microsoft.NETCore.Platforms (>= 1.1) - framework: netstandard16
      Microsoft.NETCore.Targets (>= 1.1) - framework: netstandard16
      System.IO (>= 4.3) - framework: netstandard16
      System.IO.FileSystem.Primitives (>= 4.3) - framework: >= net46, netstandard16
      System.Runtime (>= 4.3) - framework: netstandard16
      System.Runtime.Handles (>= 4.3) - framework: netstandard16
      System.Text.Encoding (>= 4.3) - framework: netstandard16
      System.Threading.Tasks (>= 4.3) - framework: netstandard16
    System.IO.FileSystem.Primitives (4.3) - framework: netstandard16, netcore11
      System.Runtime (>= 4.3) - framework: netstandard16
    System.Linq (4.3) - framework: netstandard16, netcore11
      System.Collections (>= 4.3) - framework: netstandard16
      System.Diagnostics.Debug (>= 4.3) - framework: netstandard16
      System.Resources.ResourceManager (>= 4.3) - framework: netstandard16
      System.Runtime (>= 4.3) - framework: netstandard16
      System.Runtime.Extensions (>= 4.3) - framework: netstandard16
    System.Linq.Expressions (4.3) - framework: netstandard16, netcore11
      System.Collections (>= 4.3) - framework: netstandard16
      System.Diagnostics.Debug (>= 4.3) - framework: netstandard16
      System.Globalization (>= 4.3) - framework: netstandard16
      System.IO (>= 4.3) - framework: netstandard16
      System.Linq (>= 4.3) - framework: netstandard16
      System.ObjectModel (>= 4.3) - framework: netstandard16
      System.Reflection (>= 4.3) - framework: netstandard16
      System.Reflection.Emit (>= 4.3) - framework: netstandard16
      System.Reflection.Emit.ILGeneration (>= 4.3) - framework: netstandard16
      System.Reflection.Emit.Lightweight (>= 4.3) - framework: netstandard16
      System.Reflection.Extensions (>= 4.3) - framework: netstandard16
      System.Reflection.Primitives (>= 4.3) - framework: netstandard16
      System.Reflection.TypeExtensions (>= 4.3) - framework: netstandard16
      System.Resources.ResourceManager (>= 4.3) - framework: netstandard16
      System.Runtime (>= 4.3) - framework: netstandard16
      System.Runtime.Extensions (>= 4.3) - framework: netstandard16
      System.Threading (>= 4.3) - framework: netstandard16
    System.Linq.Queryable (4.3) - framework: netstandard16
      System.Collections (>= 4.3) - framework: netstandard16
      System.Diagnostics.Debug (>= 4.3) - framework: netstandard16
      System.Linq (>= 4.3) - framework: netstandard16
      System.Linq.Expressions (>= 4.3) - framework: netstandard16
      System.Reflection (>= 4.3) - framework: netstandard16
      System.Reflection.Extensions (>= 4.3) - framework: netstandard16
      System.Resources.ResourceManager (>= 4.3) - framework: netstandard16
      System.Runtime (>= 4.3) - framework: netstandard16
    System.Net.Http (4.3.1) - framework: netstandard16, netcore11
      Microsoft.NETCore.Platforms (>= 1.1) - framework: netstandard16
      runtime.native.System (>= 4.3) - framework: netstandard16
      runtime.native.System.Net.Http (>= 4.3) - framework: netstandard16
      runtime.native.System.Security.Cryptography.OpenSsl (>= 4.3) - framework: netstandard16
      System.Collections (>= 4.3) - framework: netstandard16
      System.Diagnostics.Debug (>= 4.3) - framework: netstandard16
      System.Diagnostics.DiagnosticSource (>= 4.3) - framework: netstandard16
      System.Diagnostics.Tracing (>= 4.3) - framework: netstandard16
      System.Globalization (>= 4.3) - framework: netstandard16
      System.Globalization.Extensions (>= 4.3) - framework: netstandard16
      System.IO (>= 4.3) - framework: netstandard16
      System.IO.FileSystem (>= 4.3) - framework: netstandard16
      System.Net.Primitives (>= 4.3) - framework: netstandard16
      System.Resources.ResourceManager (>= 4.3) - framework: netstandard16
      System.Runtime (>= 4.3) - framework: netstandard16
      System.Runtime.Extensions (>= 4.3) - framework: netstandard16
      System.Runtime.Handles (>= 4.3) - framework: netstandard16
      System.Runtime.InteropServices (>= 4.3) - framework: netstandard16
      System.Security.Cryptography.Algorithms (>= 4.3) - framework: netstandard16
      System.Security.Cryptography.Encoding (>= 4.3) - framework: netstandard16
      System.Security.Cryptography.OpenSsl (>= 4.3) - framework: netstandard16
      System.Security.Cryptography.Primitives (>= 4.3) - framework: netstandard16
      System.Security.Cryptography.X509Certificates (>= 4.3) - framework: >= net46, netstandard16
      System.Text.Encoding (>= 4.3) - framework: netstandard16
      System.Threading (>= 4.3) - framework: netstandard16
      System.Threading.Tasks (>= 4.3) - framework: netstandard16
    System.Net.Primitives (4.3) - framework: netstandard16, netcore11
      Microsoft.NETCore.Platforms (>= 1.1) - framework: netstandard16
      Microsoft.NETCore.Targets (>= 1.1) - framework: netstandard16
      System.Runtime (>= 4.3) - framework: netstandard16
      System.Runtime.Handles (>= 4.3) - framework: netstandard16
    System.Net.Requests (4.3) - framework: netstandard16
      Microsoft.NETCore.Platforms (>= 1.1) - framework: netstandard16
      System.Collections (>= 4.3) - framework: netstandard16
      System.Diagnostics.Debug (>= 4.3) - framework: netstandard16
      System.Diagnostics.Tracing (>= 4.3) - framework: netstandard16
      System.Globalization (>= 4.3) - framework: netstandard16
      System.IO (>= 4.3) - framework: netstandard16
      System.Net.Http (>= 4.3) - framework: netstandard16
      System.Net.Primitives (>= 4.3) - framework: netstandard16
      System.Net.WebHeaderCollection (>= 4.3) - framework: netstandard16
      System.Resources.ResourceManager (>= 4.3) - framework: netstandard16
      System.Runtime (>= 4.3) - framework: netstandard16
      System.Threading (>= 4.3) - framework: netstandard16
      System.Threading.Tasks (>= 4.3) - framework: netstandard16
    System.Net.Sockets (4.3) - framework: netstandard16
      Microsoft.NETCore.Platforms (>= 1.1) - framework: netstandard16
      Microsoft.NETCore.Targets (>= 1.1) - framework: netstandard16
      System.IO (>= 4.3) - framework: netstandard16
      System.Net.Primitives (>= 4.3) - framework: netstandard16
      System.Runtime (>= 4.3) - framework: netstandard16
      System.Threading.Tasks (>= 4.3) - framework: netstandard16
    System.Net.WebHeaderCollection (4.3) - framework: netstandard16
      System.Collections (>= 4.3) - framework: netstandard16
      System.Resources.ResourceManager (>= 4.3) - framework: netstandard16
      System.Runtime (>= 4.3) - framework: netstandard16
      System.Runtime.Extensions (>= 4.3) - framework: netstandard16
    System.ObjectModel (4.3) - framework: netstandard16, netcore11
      System.Collections (>= 4.3) - framework: netstandard16
      System.Diagnostics.Debug (>= 4.3) - framework: netstandard16
      System.Resources.ResourceManager (>= 4.3) - framework: netstandard16
      System.Runtime (>= 4.3) - framework: netstandard16
      System.Threading (>= 4.3) - framework: netstandard16
    System.Reflection (4.3) - framework: netstandard16, netcore11
      Microsoft.NETCore.Platforms (>= 1.1) - framework: netstandard16
      Microsoft.NETCore.Targets (>= 1.1) - framework: netstandard16
      System.IO (>= 4.3) - framework: netstandard16
      System.Reflection.Primitives (>= 4.3) - framework: netstandard16
      System.Runtime (>= 4.3) - framework: netstandard16
    System.Reflection.Emit (4.3) - framework: netstandard16
      System.IO (>= 4.3) - framework: netstandard16
      System.Reflection (>= 4.3) - framework: netstandard16
      System.Reflection.Emit.ILGeneration (>= 4.3) - framework: netstandard16
      System.Reflection.Primitives (>= 4.3) - framework: netstandard16
      System.Runtime (>= 4.3) - framework: netstandard16
    System.Reflection.Emit.ILGeneration (4.3) - framework: netstandard16, netcore11
      System.Reflection (>= 4.3) - framework: netstandard16
      System.Reflection.Primitives (>= 4.3) - framework: netstandard16
      System.Runtime (>= 4.3) - framework: netstandard16
    System.Reflection.Emit.Lightweight (4.3) - framework: netstandard16
      System.Reflection (>= 4.3) - framework: netstandard16
      System.Reflection.Emit.ILGeneration (>= 4.3) - framework: netstandard16
      System.Reflection.Primitives (>= 4.3) - framework: netstandard16
      System.Runtime (>= 4.3) - framework: netstandard16
    System.Reflection.Extensions (4.3) - framework: netstandard16, netcore11
      Microsoft.NETCore.Platforms (>= 1.1) - framework: netstandard16
      Microsoft.NETCore.Targets (>= 1.1) - framework: netstandard16
      System.Reflection (>= 4.3) - framework: netstandard16
      System.Runtime (>= 4.3) - framework: netstandard16
    System.Reflection.Primitives (4.3) - framework: netstandard16, netcore11
      Microsoft.NETCore.Platforms (>= 1.1) - framework: netstandard16
      Microsoft.NETCore.Targets (>= 1.1) - framework: netstandard16
      System.Runtime (>= 4.3) - framework: netstandard16
    System.Reflection.TypeExtensions (4.3) - framework: netstandard16
      System.Reflection (>= 4.3) - framework: >= net462, netstandard16
      System.Runtime (>= 4.3) - framework: netstandard16
    System.Resources.ResourceManager (4.3) - framework: netstandard16, netcore11
      Microsoft.NETCore.Platforms (>= 1.1) - framework: netstandard16
      Microsoft.NETCore.Targets (>= 1.1) - framework: netstandard16
      System.Globalization (>= 4.3) - framework: netstandard16
      System.Reflection (>= 4.3) - framework: netstandard16
      System.Runtime (>= 4.3) - framework: netstandard16
    System.Runtime (4.3) - framework: netstandard16, netcore11
      Microsoft.NETCore.Platforms (>= 1.1) - framework: netstandard16
      Microsoft.NETCore.Targets (>= 1.1) - framework: netstandard16
    System.Runtime.Extensions (4.3) - framework: netstandard16, netcore11
      Microsoft.NETCore.Platforms (>= 1.1) - framework: netstandard16
      Microsoft.NETCore.Targets (>= 1.1) - framework: netstandard16
      System.Runtime (>= 4.3) - framework: netstandard16
    System.Runtime.Handles (4.3) - framework: netstandard16, netcore11
      Microsoft.NETCore.Platforms (>= 1.1) - framework: netstandard16
      Microsoft.NETCore.Targets (>= 1.1) - framework: netstandard16
      System.Runtime (>= 4.3) - framework: netstandard16
    System.Runtime.InteropServices (4.3) - framework: netstandard16, netcore11
      Microsoft.NETCore.Platforms (>= 1.1) - framework: netstandard16, netcore11
      Microsoft.NETCore.Targets (>= 1.1) - framework: netstandard16, netcore11
      System.Reflection (>= 4.3) - framework: netstandard16, netcore11
      System.Reflection.Primitives (>= 4.3) - framework: netstandard16, netcore11
      System.Runtime (>= 4.3) - framework: >= net462, netstandard16, netcore11
      System.Runtime.Handles (>= 4.3) - framework: netstandard16, netcore11
    System.Runtime.InteropServices.RuntimeInformation (4.3) - framework: netstandard16
      runtime.native.System (>= 4.3) - framework: netstandard16
      System.Reflection (>= 4.3) - framework: netstandard16
      System.Reflection.Extensions (>= 4.3) - framework: netstandard16
      System.Resources.ResourceManager (>= 4.3) - framework: netstandard16
      System.Runtime (>= 4.3) - framework: netstandard16
      System.Runtime.InteropServices (>= 4.3) - framework: netstandard16
      System.Threading (>= 4.3) - framework: netstandard16
    System.Runtime.Numerics (4.3) - framework: netstandard16, netcore11
      System.Globalization (>= 4.3) - framework: netstandard16
      System.Resources.ResourceManager (>= 4.3) - framework: netstandard16
      System.Runtime (>= 4.3) - framework: netstandard16
      System.Runtime.Extensions (>= 4.3) - framework: netstandard16
    System.Security.Cryptography.Algorithms (4.3) - framework: netstandard16, netcore11
      Microsoft.NETCore.Platforms (>= 1.1) - framework: netstandard16
      runtime.native.System.Security.Cryptography.Apple (>= 4.3) - framework: netstandard16
      runtime.native.System.Security.Cryptography.OpenSsl (>= 4.3) - framework: netstandard16
      System.Collections (>= 4.3) - framework: netstandard16
      System.IO (>= 4.3) - framework: >= net463, netstandard16
      System.Resources.ResourceManager (>= 4.3) - framework: netstandard16
      System.Runtime (>= 4.3) - framework: >= net463, netstandard16
      System.Runtime.Extensions (>= 4.3) - framework: netstandard16
      System.Runtime.Handles (>= 4.3) - framework: netstandard16
      System.Runtime.InteropServices (>= 4.3) - framework: netstandard16
      System.Runtime.Numerics (>= 4.3) - framework: netstandard16
      System.Security.Cryptography.Encoding (>= 4.3) - framework: >= net463, netstandard16
      System.Security.Cryptography.Primitives (>= 4.3) - framework: net46, net461, >= net463, netstandard16
      System.Text.Encoding (>= 4.3) - framework: netstandard16
    System.Security.Cryptography.Cng (4.3) - framework: netstandard16
      Microsoft.NETCore.Platforms (>= 1.1) - framework: netstandard16
      System.IO (>= 4.3) - framework: netstandard16
      System.Resources.ResourceManager (>= 4.3) - framework: netstandard16
      System.Runtime (>= 4.3) - framework: netstandard16
      System.Runtime.Extensions (>= 4.3) - framework: netstandard16
      System.Runtime.Handles (>= 4.3) - framework: netstandard16
      System.Runtime.InteropServices (>= 4.3) - framework: netstandard16
      System.Security.Cryptography.Algorithms (>= 4.3) - framework: net46, net461, >= net463, netstandard16
      System.Security.Cryptography.Encoding (>= 4.3) - framework: netstandard16
      System.Security.Cryptography.Primitives (>= 4.3) - framework: net46, net461, >= net463, netstandard16
      System.Text.Encoding (>= 4.3) - framework: netstandard16
    System.Security.Cryptography.Csp (4.3) - framework: netstandard16
      Microsoft.NETCore.Platforms (>= 1.1) - framework: netstandard16
      System.IO (>= 4.3) - framework: netstandard16
      System.Reflection (>= 4.3) - framework: netstandard16
      System.Resources.ResourceManager (>= 4.3) - framework: netstandard16
      System.Runtime (>= 4.3) - framework: netstandard16
      System.Runtime.Extensions (>= 4.3) - framework: netstandard16
      System.Runtime.Handles (>= 4.3) - framework: netstandard16
      System.Runtime.InteropServices (>= 4.3) - framework: netstandard16
      System.Security.Cryptography.Algorithms (>= 4.3) - framework: >= net46, netstandard16
      System.Security.Cryptography.Encoding (>= 4.3) - framework: netstandard16
      System.Security.Cryptography.Primitives (>= 4.3) - framework: >= net46, netstandard16
      System.Text.Encoding (>= 4.3) - framework: netstandard16
      System.Threading (>= 4.3) - framework: netstandard16
    System.Security.Cryptography.Encoding (4.3) - framework: netstandard16, netcore11
      Microsoft.NETCore.Platforms (>= 1.1) - framework: netstandard16
      runtime.native.System.Security.Cryptography.OpenSsl (>= 4.3) - framework: netstandard16
      System.Collections (>= 4.3) - framework: netstandard16
      System.Collections.Concurrent (>= 4.3) - framework: netstandard16
      System.Linq (>= 4.3) - framework: netstandard16
      System.Resources.ResourceManager (>= 4.3) - framework: netstandard16
      System.Runtime (>= 4.3) - framework: netstandard16
      System.Runtime.Extensions (>= 4.3) - framework: netstandard16
      System.Runtime.Handles (>= 4.3) - framework: netstandard16
      System.Runtime.InteropServices (>= 4.3) - framework: netstandard16
      System.Security.Cryptography.Primitives (>= 4.3) - framework: netstandard16
      System.Text.Encoding (>= 4.3) - framework: netstandard16
    System.Security.Cryptography.OpenSsl (4.3) - framework: netstandard16, netcore11
      runtime.native.System.Security.Cryptography.OpenSsl (>= 4.3) - framework: >= net463, netstandard16
      System.Collections (>= 4.3) - framework: netstandard16
      System.IO (>= 4.3) - framework: >= net463, netstandard16
      System.Resources.ResourceManager (>= 4.3) - framework: netstandard16
      System.Runtime (>= 4.3) - framework: >= net463, netstandard16
      System.Runtime.Extensions (>= 4.3) - framework: >= net463, netstandard16
      System.Runtime.Handles (>= 4.3) - framework: netstandard16
      System.Runtime.InteropServices (>= 4.3) - framework: netstandard16
      System.Runtime.Numerics (>= 4.3) - framework: netstandard16
      System.Security.Cryptography.Algorithms (>= 4.3) - framework: >= net463, netstandard16
      System.Security.Cryptography.Encoding (>= 4.3) - framework: >= net463, netstandard16
      System.Security.Cryptography.Primitives (>= 4.3) - framework: >= net463, netstandard16
      System.Text.Encoding (>= 4.3) - framework: netstandard16
    System.Security.Cryptography.Primitives (4.3) - framework: netstandard16, netcore11
      System.Diagnostics.Debug (>= 4.3) - framework: netstandard16
      System.Globalization (>= 4.3) - framework: netstandard16
      System.IO (>= 4.3) - framework: netstandard16
      System.Resources.ResourceManager (>= 4.3) - framework: netstandard16
      System.Runtime (>= 4.3) - framework: netstandard16
      System.Threading (>= 4.3) - framework: netstandard16
      System.Threading.Tasks (>= 4.3) - framework: netstandard16
    System.Security.Cryptography.X509Certificates (4.3) - framework: netstandard16, netcore11
      Microsoft.NETCore.Platforms (>= 1.1) - framework: netstandard16
      runtime.native.System (>= 4.3) - framework: netstandard16
      runtime.native.System.Net.Http (>= 4.3) - framework: netstandard16
      runtime.native.System.Security.Cryptography.OpenSsl (>= 4.3) - framework: netstandard16
      System.Collections (>= 4.3) - framework: netstandard16
      System.Diagnostics.Debug (>= 4.3) - framework: netstandard16
      System.Globalization (>= 4.3) - framework: netstandard16
      System.Globalization.Calendars (>= 4.3) - framework: netstandard16
      System.IO (>= 4.3) - framework: netstandard16
      System.IO.FileSystem (>= 4.3) - framework: netstandard16
      System.IO.FileSystem.Primitives (>= 4.3) - framework: netstandard16
      System.Resources.ResourceManager (>= 4.3) - framework: netstandard16
      System.Runtime (>= 4.3) - framework: netstandard16
      System.Runtime.Extensions (>= 4.3) - framework: netstandard16
      System.Runtime.Handles (>= 4.3) - framework: netstandard16
      System.Runtime.InteropServices (>= 4.3) - framework: netstandard16
      System.Runtime.Numerics (>= 4.3) - framework: netstandard16
      System.Security.Cryptography.Algorithms (>= 4.3) - framework: >= net46, netstandard16
      System.Security.Cryptography.Cng (>= 4.3) - framework: netstandard16
      System.Security.Cryptography.Csp (>= 4.3) - framework: netstandard16
      System.Security.Cryptography.Encoding (>= 4.3) - framework: >= net46, netstandard16
      System.Security.Cryptography.OpenSsl (>= 4.3) - framework: netstandard16
      System.Security.Cryptography.Primitives (>= 4.3) - framework: netstandard16
      System.Text.Encoding (>= 4.3) - framework: netstandard16
      System.Threading (>= 4.3) - framework: netstandard16
    System.Text.Encoding (4.3) - framework: netstandard16, netcore11
      Microsoft.NETCore.Platforms (>= 1.1) - framework: netstandard16
      Microsoft.NETCore.Targets (>= 1.1) - framework: netstandard16
      System.Runtime (>= 4.3) - framework: netstandard16
    System.Text.Encoding.Extensions (4.3) - framework: netstandard16
      Microsoft.NETCore.Platforms (>= 1.1) - framework: netstandard16
      Microsoft.NETCore.Targets (>= 1.1) - framework: netstandard16
      System.Runtime (>= 4.3) - framework: netstandard16
      System.Text.Encoding (>= 4.3) - framework: netstandard16
    System.Text.RegularExpressions (4.3) - framework: netstandard16, netcore11
      System.Collections (>= 4.3) - framework: netstandard16
      System.Globalization (>= 4.3) - framework: netstandard16
      System.Resources.ResourceManager (>= 4.3) - framework: netstandard16
      System.Runtime (>= 4.3) - framework: netstandard16, netcore11
      System.Runtime.Extensions (>= 4.3) - framework: netstandard16
      System.Threading (>= 4.3) - framework: netstandard16
    System.Threading (4.3) - framework: netstandard16, netcore11
      System.Runtime (>= 4.3) - framework: netstandard16
      System.Threading.Tasks (>= 4.3) - framework: netstandard16
    System.Threading.Tasks (4.3) - framework: netstandard16, netcore11
      Microsoft.NETCore.Platforms (>= 1.1) - framework: netstandard16
      Microsoft.NETCore.Targets (>= 1.1) - framework: netstandard16
      System.Runtime (>= 4.3) - framework: netstandard16
    System.Threading.Tasks.Extensions (4.3) - framework: netstandard16
      System.Collections (>= 4.3) - framework: netstandard16
      System.Runtime (>= 4.3) - framework: netstandard16
      System.Threading.Tasks (>= 4.3) - framework: netstandard16
    System.Threading.Tasks.Parallel (4.3) - framework: netstandard16
      System.Collections.Concurrent (>= 4.3) - framework: netstandard16
      System.Diagnostics.Debug (>= 4.3) - framework: netstandard16
      System.Diagnostics.Tracing (>= 4.3) - framework: netstandard16
      System.Resources.ResourceManager (>= 4.3) - framework: netstandard16
      System.Runtime (>= 4.3) - framework: netstandard16
      System.Runtime.Extensions (>= 4.3) - framework: netstandard16
      System.Threading (>= 4.3) - framework: netstandard16
      System.Threading.Tasks (>= 4.3) - framework: netstandard16
    System.Threading.Thread (4.3) - framework: netstandard16
      System.Runtime (>= 4.3) - framework: netstandard16
    System.Threading.ThreadPool (4.3) - framework: netstandard16
      System.Runtime (>= 4.3) - framework: netstandard16
      System.Runtime.Handles (>= 4.3) - framework: netstandard16
    System.Threading.Timer (4.3) - framework: netstandard16, netcore11
      Microsoft.NETCore.Platforms (>= 1.1) - framework: netstandard16
      Microsoft.NETCore.Targets (>= 1.1) - framework: netstandard16
      System.Runtime (>= 4.3) - framework: netstandard16
    System.Xml.ReaderWriter (4.3) - framework: netstandard16
      System.Collections (>= 4.3) - framework: netstandard16
      System.Diagnostics.Debug (>= 4.3) - framework: netstandard16
      System.Globalization (>= 4.3) - framework: netstandard16
      System.IO (>= 4.3) - framework: netstandard16
      System.IO.FileSystem (>= 4.3) - framework: netstandard16
      System.IO.FileSystem.Primitives (>= 4.3) - framework: netstandard16
      System.Resources.ResourceManager (>= 4.3) - framework: netstandard16
      System.Runtime (>= 4.3) - framework: netstandard16
      System.Runtime.Extensions (>= 4.3) - framework: netstandard16
      System.Runtime.InteropServices (>= 4.3) - framework: netstandard16
      System.Text.Encoding (>= 4.3) - framework: netstandard16
      System.Text.Encoding.Extensions (>= 4.3) - framework: netstandard16
      System.Text.RegularExpressions (>= 4.3) - framework: netstandard16
      System.Threading.Tasks (>= 4.3) - framework: netstandard16
      System.Threading.Tasks.Extensions (>= 4.3) - framework: netstandard16
    System.Xml.XDocument (4.3) - framework: netstandard16
      System.Collections (>= 4.3) - framework: netstandard16
      System.Diagnostics.Debug (>= 4.3) - framework: netstandard16
      System.Diagnostics.Tools (>= 4.3) - framework: netstandard16
      System.Globalization (>= 4.3) - framework: netstandard16
      System.IO (>= 4.3) - framework: netstandard16
      System.Reflection (>= 4.3) - framework: netstandard16
      System.Resources.ResourceManager (>= 4.3) - framework: netstandard16
      System.Runtime (>= 4.3) - framework: netstandard16
      System.Runtime.Extensions (>= 4.3) - framework: netstandard16
      System.Text.Encoding (>= 4.3) - framework: netstandard16
      System.Threading (>= 4.3) - framework: netstandard16
      System.Xml.ReaderWriter (>= 4.3) - framework: netstandard16

GROUP android
FRAMEWORK: MONOANDROID
NUGET
  remote: https://www.nuget.org/api/v2
    FSharp.Core (4.1.17)
    SkiaSharp (1.57)
    SkiaSharp.Views (1.57)
      SkiaSharp (>= 1.57)
    Xamarin.Android.FSharp.ResourceProvider (1.0.0.13)

GROUP ios
FRAMEWORK: XAMARINIOS
NUGET
  remote: https://www.nuget.org/api/v2
    FSharp.Core (4.1.17)
    SkiaSharp (1.57)
    SkiaSharp.Views (1.57)
      SkiaSharp (>= 1.57)
